GEM
  remote: https://rubygems.org/
  specs:
    terminal-table (1.5.2)

PLATFORMS
  ruby

DEPENDENCIES
  terminal-table
